GEM
  remote: https://rubygems.org/
  specs:
    httpclient (2.8.3)

PLATFORMS
  arm64-darwin-24
  ruby

DEPENDENCIES
  httpclient

BUNDLED WITH
   2.7.0.dev
